GEM
  remote: https://rubygems.org/
  specs:
    actionview (7.0.4.3)
      activesupport (= 7.0.4.3)
      builder (~> 3.1)
      erubi (~> 1.4)
      rails-dom-testing (~> 2.0)
      rails-html-sanitizer (~> 1.1, >= 1.2.0)
    activesupport (7.0.4.3)
      concurrent-ruby (~> 1.0, >= 1.0.2)
      i18n (>= 1.6, < 2)
      minitest (>= 5.1)
      tzinfo (~> 2.0)
    addressable (2.8.2)
      public_suffix (>= 2.0.2, < 6.0)
    argon2 (2.2.0)
      ffi (~> 1.15)
      ffi-compiler (~> 1.0)
    ast (2.4.2)
    bcrypt_pbkdf (1.1.0)
    better_html (2.0.1)
      actionview (>= 6.0)
      activesupport (>= 6.0)
      ast (~> 2.0)
      erubi (~> 1.4)
      parser (>= 2.4)
      smart_properties
    builder (3.2.4)
    byebug (11.1.3)
    capybara (3.39.0)
      addressable
      matrix
      mini_mime (>= 0.1.3)
      nokogiri (~> 1.8)
      rack (>= 1.6.0)
      rack-test (>= 0.6.3)
      regexp_parser (>= 1.5, < 3.0)
      xpath (~> 3.2)
    chunky_png (1.4.0)
    coderay (1.1.3)
    concurrent-ruby (1.2.2)
    crass (1.0.6)
    database_cleaner-core (2.0.1)
    database_cleaner-sequel (2.0.2)
      database_cleaner-core (~> 2.0.0)
      sequel
    date (3.3.3)
    diff-lcs (1.5.0)
    docile (1.4.0)
    ed25519 (1.3.0)
    erb-formatter (0.4.3)
      syntax_tree (~> 6.0)
    erubi (1.12.0)
    ffi (1.15.5)
    ffi-compiler (1.0.1)
      ffi (>= 1.0.0)
      rake
    i18n (1.12.0)
      concurrent-ruby (~> 1.0)
    json (2.6.3)
    language_server-protocol (3.17.0.3)
    loofah (2.19.1)
      crass (~> 1.0.2)
      nokogiri (>= 1.5.9)
    mail (2.8.1)
      mini_mime (>= 0.1.1)
      net-imap
      net-pop
      net-smtp
    matrix (0.4.2)
    method_source (1.0.0)
    mini_mime (1.1.2)
    minitest (5.18.0)
    net-imap (0.3.4)
      date
      net-protocol
    net-pop (0.1.2)
      net-protocol
    net-protocol (0.2.1)
      timeout
    net-smtp (0.3.3)
      net-protocol
    net-ssh (7.1.0)
    netaddr (2.0.6)
    nokogiri (1.14.2-x86_64-linux)
      racc (~> 1.4)
    parallel (1.22.1)
    parser (3.2.2.0)
      ast (~> 2.4.1)
    pg (1.4.5)
    prettier_print (1.2.1)
    pry (0.14.2)
      coderay (~> 1.1)
      method_source (~> 1.0)
    pry-byebug (3.10.1)
      byebug (~> 11.0)
      pry (>= 0.13, < 0.15)
    public_suffix (5.0.1)
    racc (1.6.2)
    rack (3.0.7)
    rack-test (2.1.0)
      rack (>= 1.3)
    rack-unreloader (2.1.0)
    rackup (2.1.0)
      rack (>= 3)
      webrick (~> 1.8)
    rails-dom-testing (2.0.3)
      activesupport (>= 4.2.0)
      nokogiri (>= 1.6)
    rails-html-sanitizer (1.5.0)
      loofah (~> 2.19, >= 2.19.1)
    rainbow (3.1.1)
    rake (13.0.6)
    refrigerator (1.5.1)
    regexp_parser (2.7.0)
    rexml (3.2.5)
    roda (3.66.0)
      rack
    rodauth (2.29.0)
      roda (>= 2.6.0)
      sequel (>= 4)
    rotp (6.2.2)
    rqrcode (2.1.2)
      chunky_png (~> 1.0)
      rqrcode_core (~> 1.0)
    rqrcode_core (1.2.0)
    rspec (3.12.0)
      rspec-core (~> 3.12.0)
      rspec-expectations (~> 3.12.0)
      rspec-mocks (~> 3.12.0)
    rspec-core (3.12.1)
      rspec-support (~> 3.12.0)
    rspec-expectations (3.12.2)
      diff-lcs (>= 1.2.0, < 2.0)
      rspec-support (~> 3.12.0)
    rspec-mocks (3.12.3)
      diff-lcs (>= 1.2.0, < 2.0)
      rspec-support (~> 3.12.0)
    rspec-support (3.12.0)
    rubocop (1.48.1)
      json (~> 2.3)
      parallel (~> 1.10)
      parser (>= 3.2.0.0)
      rainbow (>= 2.2.2, < 4.0)
      regexp_parser (>= 1.8, < 3.0)
      rexml (>= 3.2.5, < 4.0)
      rubocop-ast (>= 1.26.0, < 2.0)
      ruby-progressbar (~> 1.7)
      unicode-display_width (>= 2.4.0, < 3.0)
    rubocop-ast (1.28.0)
      parser (>= 3.2.1.0)
    rubocop-capybara (2.17.1)
      rubocop (~> 1.41)
    rubocop-erb (0.2.4)
      better_html
      rubocop (~> 1.45)
    rubocop-performance (1.16.0)
      rubocop (>= 1.7.0, < 2.0)
      rubocop-ast (>= 0.4.0)
    rubocop-rake (0.6.0)
      rubocop (~> 1.0)
    rubocop-rspec (2.19.0)
      rubocop (~> 1.33)
      rubocop-capybara (~> 2.17)
    rubocop-sequel (0.3.4)
      rubocop (~> 1.0)
    ruby-progressbar (1.13.0)
    ruby-ulid (0.8.0)
    sassc (2.4.0)
      ffi (~> 1.9)
    sequel (5.66.0)
    sequel-annotate (1.7.0)
      sequel (>= 4)
    sequel_pg (1.17.1)
      pg (>= 0.18.0, != 1.2.0)
      sequel (>= 4.38.0)
    simplecov (0.22.0)
      docile (~> 1.1)
      simplecov-html (~> 0.11)
      simplecov_json_formatter (~> 0.1)
    simplecov-html (0.12.3)
    simplecov_json_formatter (0.1.4)
    smart_properties (1.17.0)
    standard (1.26.0)
      language_server-protocol (~> 3.17.0.2)
      rubocop (~> 1.48.1)
      rubocop-performance (~> 1.16.0)
    syntax_tree (6.1.1)
      prettier_print (>= 1.2.0)
    tilt (2.1.0)
    timeout (0.3.2)
    tzinfo (2.0.6)
      concurrent-ruby (~> 1.0)
    unicode-display_width (2.4.2)
    warning (1.3.0)
    webrick (1.8.1)
    xpath (3.2.0)
      nokogiri (~> 1.8)
    zeitwerk (2.6.7)

PLATFORMS
  x86_64-linux

DEPENDENCIES
  argon2
  bcrypt_pbkdf
  capybara
  database_cleaner-sequel
  ed25519
  erb-formatter
  erubi (>= 1.5)
  mail
  net-ssh
  netaddr
  pry
  pry-byebug
  rack-unreloader (>= 1.8)
  rackup
  rake
  refrigerator (>= 1)
  roda (>= 3.62)
  rodauth (>= 2.26.1)
  rotp
  rqrcode
  rspec
  rubocop-capybara
  rubocop-erb
  rubocop-performance
  rubocop-rake
  rubocop-rspec
  rubocop-sequel
  ruby-ulid
  sassc (>= 2)
  sequel (>= 5.62)
  sequel-annotate
  sequel_pg (>= 1.8)
  simplecov
  standard (>= 1.24.3)
  tilt (>= 2.0.9)
  warning
  zeitwerk

RUBY VERSION
   ruby 3.2.1p31

BUNDLED WITH
   2.4.1
