GIT
  remote: https://github.com/ubicloud/erb-formatter.git
  revision: a9ff0001a1eb028e2186b222aeb02b07c04f9808
  ref: a9ff0001a1eb028e2186b222aeb02b07c04f9808
  specs:
    erb-formatter (0.4.3)
      syntax_tree (~> 6.0)

GEM
  remote: https://rubygems.org/
  specs:
    actionview (7.1.3)
      activesupport (= 7.1.3)
      builder (~> 3.1)
      erubi (~> 1.11)
      rails-dom-testing (~> 2.2)
      rails-html-sanitizer (~> 1.6)
    activesupport (7.1.3)
      base64
      bigdecimal
      concurrent-ruby (~> 1.0, >= 1.0.2)
      connection_pool (>= 2.2.5)
      drb
      i18n (>= 1.6, < 2)
      minitest (>= 5.1)
      mutex_m
      tzinfo (~> 2.0)
    addressable (2.8.6)
      public_suffix (>= 2.0.2, < 6.0)
    android_key_attestation (0.3.0)
    argon2 (2.3.0)
      ffi (~> 1.15)
      ffi-compiler (~> 1.0)
    argon2-kdf (0.2.0)
    ast (2.4.2)
    awrence (1.2.1)
    base64 (0.2.0)
    bcrypt_pbkdf (1.1.0)
    better_html (2.0.2)
      actionview (>= 6.0)
      activesupport (>= 6.0)
      ast (~> 2.0)
      erubi (~> 1.4)
      parser (>= 2.4)
      smart_properties
    bigdecimal (3.1.6)
    bindata (2.5.0)
    brakeman (6.1.2)
      racc
    builder (3.2.4)
    byebug (11.1.3)
    capybara (3.40.0)
      addressable
      matrix
      mini_mime (>= 0.1.3)
      nokogiri (~> 1.11)
      rack (>= 1.6.0)
      rack-test (>= 0.6.3)
      regexp_parser (>= 1.5, < 3.0)
      xpath (~> 3.2)
    cbor (0.5.9.8)
    chunky_png (1.4.0)
    coderay (1.1.3)
    concurrent-ruby (1.2.3)
    connection_pool (2.4.1)
    cose (1.3.0)
      cbor (~> 0.5.9)
      openssl-signature_algorithm (~> 1.0)
    countries (6.0.0)
      unaccent (~> 0.3)
    crack (1.0.0)
      bigdecimal
      rexml
    crass (1.0.6)
    database_cleaner-core (2.0.1)
    database_cleaner-sequel (2.0.2)
      database_cleaner-core (~> 2.0.0)
      sequel
    date (3.3.4)
    diff-lcs (1.5.1)
    docile (1.4.0)
    drb (2.2.0)
      ruby2_keywords
    ed25519 (1.3.0)
    erubi (1.12.0)
    excon (0.109.0)
    faraday (2.9.0)
      faraday-net_http (>= 2.0, < 3.2)
    faraday-net_http (3.1.0)
      net-http
    ffi (1.16.3)
    ffi-compiler (1.0.1)
      ffi (>= 1.0.0)
      rake
    foreman (0.87.2)
    hashdiff (1.1.0)
    i18n (1.14.1)
      concurrent-ruby (~> 1.0)
    json (2.7.1)
    jwt (2.7.1)
    language_server-protocol (3.17.0.3)
    lint_roller (1.1.0)
    loofah (2.22.0)
      crass (~> 1.0.2)
      nokogiri (>= 1.12.0)
    mail (2.8.1)
      mini_mime (>= 0.1.1)
      net-imap
      net-pop
      net-smtp
    matrix (0.4.2)
    method_source (1.0.0)
    mini_mime (1.1.5)
    minitest (5.22.2)
    mutex_m (0.2.0)
    net-http (0.4.1)
      uri
    net-imap (0.4.10)
      date
      net-protocol
    net-pop (0.1.2)
      net-protocol
    net-protocol (0.2.2)
      timeout
    net-smtp (0.4.0.1)
      net-protocol
    net-ssh (7.2.1)
    netaddr (2.0.6)
    nio4r (2.7.0)
    nokogiri (1.16.2-aarch64-linux)
      racc (~> 1.4)
    nokogiri (1.16.2-arm64-darwin)
      racc (~> 1.4)
    nokogiri (1.16.2-x86_64-darwin)
      racc (~> 1.4)
    nokogiri (1.16.2-x86_64-linux)
      racc (~> 1.4)
    octokit (8.1.0)
      base64
      faraday (>= 1, < 3)
      sawyer (~> 0.9)
    openssl (3.2.0)
    openssl-signature_algorithm (1.3.0)
      openssl (> 2.0)
    pagerduty (4.0.1)
    parallel (1.24.0)
    parser (3.3.0.5)
      ast (~> 2.4.1)
      racc
    pg (1.5.5)
    prettier_print (1.2.1)
    pry (0.14.2)
      coderay (~> 1.1)
      method_source (~> 1.0)
    pry-byebug (3.10.1)
      byebug (~> 11.0)
      pry (>= 0.13, < 0.15)
    public_suffix (5.0.4)
    puma (6.4.2)
      nio4r (~> 2.0)
    racc (1.7.3)
    rack (3.0.9)
    rack-test (2.1.0)
      rack (>= 1.3)
    rack-unreloader (2.1.0)
    rackup (2.1.0)
      rack (>= 3)
      webrick (~> 1.8)
    rails-dom-testing (2.2.0)
      activesupport (>= 5.0.0)
      minitest
      nokogiri (>= 1.6)
    rails-html-sanitizer (1.6.0)
      loofah (~> 2.21)
      nokogiri (~> 1.14)
    rainbow (3.1.1)
    rake (13.1.0)
    refrigerator (1.7.0)
    regexp_parser (2.9.0)
    rexml (3.2.6)
    roda (3.77.0)
      rack
    rodauth (2.33.0)
      roda (>= 2.6.0)
      sequel (>= 4)
    rotp (6.3.0)
    rqrcode (2.2.0)
      chunky_png (~> 1.0)
      rqrcode_core (~> 1.0)
    rqrcode_core (1.2.0)
    rspec (3.13.0)
      rspec-core (~> 3.13.0)
      rspec-expectations (~> 3.13.0)
      rspec-mocks (~> 3.13.0)
    rspec-core (3.13.0)
      rspec-support (~> 3.13.0)
    rspec-expectations (3.13.0)
      diff-lcs (>= 1.2.0, < 2.0)
      rspec-support (~> 3.13.0)
    rspec-mocks (3.13.0)
      diff-lcs (>= 1.2.0, < 2.0)
      rspec-support (~> 3.13.0)
    rspec-support (3.13.0)
    rubocop (1.60.2)
      json (~> 2.3)
      language_server-protocol (>= 3.17.0)
      parallel (~> 1.10)
      parser (>= 3.3.0.2)
      rainbow (>= 2.2.2, < 4.0)
      regexp_parser (>= 1.8, < 3.0)
      rexml (>= 3.2.5, < 4.0)
      rubocop-ast (>= 1.30.0, < 2.0)
      ruby-progressbar (~> 1.7)
      unicode-display_width (>= 2.4.0, < 3.0)
    rubocop-ast (1.30.0)
      parser (>= 3.2.1.0)
    rubocop-capybara (2.20.0)
      rubocop (~> 1.41)
    rubocop-erb (0.3.1)
      better_html
      rubocop (~> 1.45)
    rubocop-factory_bot (2.25.1)
      rubocop (~> 1.41)
    rubocop-performance (1.20.2)
      rubocop (>= 1.48.1, < 2.0)
      rubocop-ast (>= 1.30.0, < 2.0)
    rubocop-rake (0.6.0)
      rubocop (~> 1.0)
    rubocop-rspec (2.26.1)
      rubocop (~> 1.40)
      rubocop-capybara (~> 2.17)
      rubocop-factory_bot (~> 2.22)
    rubocop-sequel (0.3.4)
      rubocop (~> 1.0)
    ruby-progressbar (1.13.0)
    ruby2_keywords (0.0.5)
    safety_net_attestation (0.4.0)
      jwt (~> 2.0)
    sawyer (0.9.2)
      addressable (>= 2.3.5)
      faraday (>= 0.17.3, < 3)
    sequel (5.77.0)
      bigdecimal
    sequel-annotate (1.7.0)
      sequel (>= 4)
    sequel_pg (1.17.1)
      pg (>= 0.18.0, != 1.2.0)
      sequel (>= 4.38.0)
    simplecov (0.22.0)
      docile (~> 1.1)
      simplecov-html (~> 0.11)
      simplecov_json_formatter (~> 0.1)
    simplecov-html (0.12.3)
    simplecov_json_formatter (0.1.4)
    smart_properties (1.17.0)
    standard (1.34.0)
      language_server-protocol (~> 3.17.0.2)
      lint_roller (~> 1.0)
      rubocop (~> 1.60)
      standard-custom (~> 1.0.0)
      standard-performance (~> 1.3)
    standard-custom (1.0.2)
      lint_roller (~> 1.0)
      rubocop (~> 1.50)
    standard-performance (1.3.1)
      lint_roller (~> 1.1)
      rubocop-performance (~> 1.20.2)
    stripe (10.9.0)
    syntax_tree (6.2.0)
      prettier_print (>= 1.2.0)
    tilt (2.3.0)
    timeout (0.4.1)
    tpm-key_attestation (0.12.0)
      bindata (~> 2.4)
      openssl (> 2.0)
      openssl-signature_algorithm (~> 1.0)
    tzinfo (2.0.6)
      concurrent-ruby (~> 1.0)
    unaccent (0.4.0)
    unicode-display_width (2.5.0)
    uri (0.13.0)
    warning (1.3.0)
    webauthn (3.1.0)
      android_key_attestation (~> 0.3.0)
      awrence (~> 1.1)
      bindata (~> 2.4)
      cbor (~> 0.5.9)
      cose (~> 1.1)
      openssl (>= 2.2)
      safety_net_attestation (~> 0.4.0)
      tpm-key_attestation (~> 0.12.0)
    webmock (3.22.0)
      addressable (>= 2.8.0)
      crack (>= 0.3.2)
      hashdiff (>= 0.4.0, < 2.0.0)
    webrick (1.8.1)
    xpath (3.2.0)
      nokogiri (~> 1.8)

PLATFORMS
  aarch64-linux
  arm64-darwin-22
  arm64-darwin-23
  x86_64-darwin-20
  x86_64-linux

DEPENDENCIES
  argon2
  argon2-kdf
  bcrypt_pbkdf
  brakeman
  capybara
  countries
  database_cleaner-sequel
  ed25519
  erb-formatter!
  erubi (>= 1.5)
  excon
  foreman
  jwt
  mail
  net-ssh
  netaddr
  nokogiri
  octokit
  pagerduty (>= 4.0)
  pry
  pry-byebug
  puma (>= 6.2.2)
  rack-unreloader (>= 1.8)
  rackup
  rake
  refrigerator (>= 1)
  roda (>= 3.62)
  rodauth (>= 2.26.1)
  rotp
  rqrcode
  rspec
  rubocop-capybara
  rubocop-erb
  rubocop-performance
  rubocop-rake
  rubocop-rspec
  rubocop-sequel
  sequel (>= 5.62)
  sequel-annotate
  sequel_pg (>= 1.8)
  simplecov
  standard (>= 1.24.3)
  stripe
  tilt (>= 2.2)
  warning
  webauthn (~> 3.1)
  webmock

RUBY VERSION
   ruby 3.2.3p157

BUNDLED WITH
   2.4.10
